PATH
  remote: .
  specs:
    hector-identity-blolol (0.0.1)
      excon (~> 0.37.0)
      hector (~> 1.0.9)

GEM
  remote: https://rubygems.org/
  specs:
    addressable (2.3.6)
    crack (0.4.2)
      safe_yaml (~> 1.0.0)
    diff-lcs (1.2.5)
    eventmachine (1.0.3)
    excon (0.37.0)
    hector (1.0.9)
      eventmachine (>= 0.12.10)
    rspec (2.14.1)
      rspec-core (~> 2.14.0)
      rspec-expectations (~> 2.14.0)
      rspec-mocks (~> 2.14.0)
    rspec-core (2.14.8)
    rspec-expectations (2.14.5)
      diff-lcs (>= 1.1.3, < 2.0)
    rspec-mocks (2.14.6)
    safe_yaml (1.0.3)
    webmock (1.18.0)
      addressable (>= 2.3.6)
      crack (>= 0.3.2)

PLATFORMS
  ruby

DEPENDENCIES
  hector-identity-blolol!
  rspec (~> 2.14.1)
  webmock (~> 1.18.0)
